PATH
  remote: .
  specs:
    briskly (0.1.4)
      fast_trie
      i18n

GEM
  remote: https://rubygems.org/
  specs:
    coderay (1.1.0)
    diff-lcs (1.2.5)
    fast_trie (0.5.0)
    ffi (1.9.3)
    guard (0.10.0)
      ffi (>= 0.5.0)
      thor (~> 0.14.6)
    guard-rspec (0.7.3)
      guard (>= 0.10.0)
    i18n (0.6.9)
    method_source (0.8.2)
    pry (0.9.12.6)
      coderay (~> 1.0)
      method_source (~> 0.8)
      slop (~> 3.4)
    pry-nav (0.2.3)
      pry (~> 0.9.10)
    rake (10.2.2)
    rspec (2.14.1)
      rspec-core (~> 2.14.0)
      rspec-expectations (~> 2.14.0)
      rspec-mocks (~> 2.14.0)
    rspec-core (2.14.8)
    rspec-expectations (2.14.5)
      diff-lcs (>= 1.1.3, < 2.0)
    rspec-mocks (2.14.6)
    slop (3.5.0)
    thor (0.14.6)

PLATFORMS
  ruby

DEPENDENCIES
  briskly!
  bundler (~> 1.4)
  guard (~> 0)
  guard-rspec (~> 0)
  pry (~> 0)
  pry-nav (~> 0)
  rake (~> 10.0)
  rspec (~> 2.4)
